GEM
  remote: https://rubygems.org/
  specs:
    dotenv (2.8.1)
    httparty (0.21.0)
      mini_mime (>= 1.0.0)
      multi_xml (>= 0.5.2)
    mini_mime (1.1.2)
    multi_xml (0.6.0)

PLATFORMS
  x64-mingw-ucrt

DEPENDENCIES
  dotenv
  httparty

BUNDLED WITH
   2.3.7
