PATH
  remote: .
  specs:
    lazerpay (0.0.1)

GEM
  remote: https://rubygems.org/
  specs:
    rake (10.5.0)

PLATFORMS
  x64-mingw-ucrt

DEPENDENCIES
  lazerpay!
  rake (~> 10.0)

BUNDLED WITH
   2.3.7
